GEM
  remote: https://rubygems.org/
  specs:
    addressable (2.4.0)
    httparty (0.13.7)
      json (~> 1.8)
      multi_xml (>= 0.5.2)
    json (1.8.3)
    launchy (2.4.3)
      addressable (~> 2.3)
    mdpress (0.0.18)
      httparty (~> 0.13)
      launchy (~> 2.2)
      redcarpet (~> 3.1)
      trollop (~> 2.0)
    multi_xml (0.5.5)
    redcarpet (3.1.2)
    trollop (2.1.2)

PLATFORMS
  ruby

DEPENDENCIES
  mdpress
  redcarpet (~> 3.1.2)
